GEM
  remote: https://rubygems.org/
  specs:
    sqlite3 (1.4.2)
    terminal-table (3.0.2)
      unicode-display_width (>= 1.1.1, < 3)
    thor (1.1.0)
    unicode-display_width (2.1.0)

PLATFORMS
  ruby

DEPENDENCIES
  sqlite3
  terminal-table
  thor

BUNDLED WITH
   2.1.4
